GEM
  remote: https://rubygems.org/
  specs:
    tk (0.2.0)

PLATFORMS
  ruby

DEPENDENCIES
  tk

BUNDLED WITH
   1.16.0
